PATH
  remote: .
  specs:
    paypal_adaptive (0.2.3)
      json (~> 1.6.0)
      jsonschema (~> 2.0.0)
      rake (~> 0.8)

GEM
  remote: http://rubygems.org/
  specs:
    json (1.6.0)
    jsonschema (2.0.1)
    rake (0.9.2)

PLATFORMS
  ruby

DEPENDENCIES
  paypal_adaptive!
